GEM
  remote: https://rubygems.org/
  specs:
    thor (1.3.1)

PLATFORMS
  x86_64-darwin-20

DEPENDENCIES
  thor (~> 1.3)

BUNDLED WITH
   2.4.10
